GEM
  remote: https://rubygems.org/
  specs:
    lazy_priority_queue (0.1.1)

PLATFORMS
  x86_64-darwin-21

DEPENDENCIES
  lazy_priority_queue

BUNDLED WITH
   2.2.31
